GEM
  remote: https://rubygems.org/
  specs:
    airbrussh (1.2.0)
      sshkit (>= 1.6.1, != 1.7.0)
    aws-sdk (2.9.37)
      aws-sdk-resources (= 2.9.37)
    aws-sdk-core (2.9.37)
      aws-sigv4 (~> 1.0)
      jmespath (~> 1.0)
    aws-sdk-resources (2.9.37)
      aws-sdk-core (= 2.9.37)
    aws-sigv4 (1.0.0)
    capistrano (3.8.1)
      airbrussh (>= 1.0.0)
      i18n
      rake (>= 10.0.0)
      sshkit (>= 1.9.0)
    i18n (0.8.4)
    jmespath (1.3.1)
    net-scp (1.2.1)
      net-ssh (>= 2.6.5)
    net-ssh (4.1.0)
    rake (12.0.0)
    sshkit (1.13.1)
      net-scp (>= 1.1.2)
      net-ssh (>= 2.8.0)
    term-ansicolor (1.6.0)
      tins (~> 1.0)
    terminal-table (1.8.0)
      unicode-display_width (~> 1.1, >= 1.1.1)
    tins (1.14.0)
    toquen (2.0.4)
      aws-sdk (~> 2)
      capistrano (~> 3.0, >= 3.0.1)
      term-ansicolor (~> 1.3)
      terminal-table (~> 1.6)
    unicode-display_width (1.2.1)

PLATFORMS
  ruby

DEPENDENCIES
  toquen

BUNDLED WITH
   1.12.5
